GEM
  remote: https://rubygems.org/
  specs:
    colsole (0.7.1)
    docopt (0.6.1)
    ffi (1.12.2)
    runfile (0.11.0)
      colsole (~> 0.5)
      docopt (~> 0.5)
    sassc (2.2.1)
      ffi (~> 1.9)

PLATFORMS
  ruby

DEPENDENCIES
  ffi
  runfile
  sassc

BUNDLED WITH
   2.1.2
